PATH
  remote: .
  specs:
    dbd_data_engine (0.0.10)
      dbd (~> 0.1.3)
      dbd_onto (~> 0.0.16)
      haml
      rails (= 4.0.7)

GEM
  remote: https://rubygems.org/
  specs:
    actionmailer (4.0.7)
      actionpack (= 4.0.7)
      mail (~> 2.5.4)
    actionpack (4.0.7)
      activesupport (= 4.0.7)
      builder (~> 3.1.0)
      erubis (~> 2.7.0)
      rack (~> 1.5.2)
      rack-test (~> 0.6.2)
    activemodel (4.0.7)
      activesupport (= 4.0.7)
      builder (~> 3.1.0)
    activerecord (4.0.7)
      activemodel (= 4.0.7)
      activerecord-deprecated_finders (~> 1.0.2)
      activesupport (= 4.0.7)
      arel (~> 4.0.0)
    activerecord-deprecated_finders (1.0.4)
    activesupport (4.0.7)
      i18n (~> 0.6, >= 0.6.9)
      minitest (~> 4.2)
      multi_json (~> 1.3)
      thread_safe (~> 0.1)
      tzinfo (~> 0.3.37)
    arel (4.0.2)
    builder (3.1.4)
    capybara (2.2.1)
      mime-types (>= 1.16)
      nokogiri (>= 1.3.3)
      rack (>= 1.0.0)
      rack-test (>= 0.5.4)
      xpath (~> 2.0)
    celluloid (0.15.2)
      timers (~> 1.1.0)
    celluloid-io (0.15.0)
      celluloid (>= 0.15.0)
      nio4r (>= 0.5.0)
    coderay (1.1.0)
    concurrent-ruby (1.0.5)
    dbd (0.1.3)
      neography (>= 1.2.2)
      rdf
      ruby_peter_v (>= 0.0.13)
    dbd_onto (0.0.16)
      dbd (~> 0.1.3)
      equivalent-xml
      rdf (>= 1.1)
      rdf-rdfa (>= 1.0.2)
      ruby_peter_v (>= 0.0.13)
    diff-lcs (1.2.5)
    equivalent-xml (0.6.0)
      nokogiri (>= 1.4.3)
    erubis (2.7.0)
    excon (0.59.0)
    ffi (1.9.3)
    formatador (0.2.4)
    guard (2.6.0)
      formatador (>= 0.2.4)
      listen (~> 2.7)
      lumberjack (~> 1.0)
      pry (>= 0.9.12)
      thor (>= 0.18.1)
    guard-rspec (4.2.8)
      guard (~> 2.1)
      rspec (>= 2.14, < 4.0)
    haml (4.0.7)
      tilt
    haml-rails (1.0.0)
      actionpack (>= 4.0.1)
      activesupport (>= 4.0.1)
      haml (>= 4.0.6, < 6.0)
      html2haml (>= 1.0.1)
      railties (>= 4.0.1)
    hamster (3.0.0)
      concurrent-ruby (~> 1.0)
    html2haml (2.2.0)
      erubis (~> 2.7.0)
      haml (>= 4.0, < 6)
      nokogiri (>= 1.6.0)
      ruby_parser (~> 3.5)
    htmlentities (4.3.4)
    i18n (0.9.1)
      concurrent-ruby (~> 1.0)
    json (2.1.0)
    link_header (0.0.8)
    listen (2.7.1)
      celluloid (>= 0.15.2)
      celluloid-io (>= 0.15.0)
      rb-fsevent (>= 0.9.3)
      rb-inotify (>= 0.9)
    lumberjack (1.0.5)
    mail (2.5.5)
      mime-types (~> 1.16)
      treetop (~> 1.4.8)
    method_source (0.8.2)
    mime-types (1.25.1)
    mini_portile (0.5.3)
    minitest (4.7.5)
    multi_json (1.12.2)
    neography (1.8.0)
      excon (>= 0.33.0)
      json (>= 1.7.7)
      multi_json (>= 1.3.2)
      os (>= 0.9.6)
      rake (>= 0.8.7)
      rubyzip (>= 1.0.0)
    nio4r (2.1.0)
    nokogiri (1.6.1)
      mini_portile (~> 0.5.0)
    os (1.0.0)
    polyglot (0.3.5)
    power_assert (1.1.1)
    pry (0.9.12.6)
      coderay (~> 1.0)
      method_source (~> 0.8)
      slop (~> 3.4)
    rack (1.5.5)
    rack-test (0.6.3)
      rack (>= 1.0)
    rails (4.0.7)
      actionmailer (= 4.0.7)
      actionpack (= 4.0.7)
      activerecord (= 4.0.7)
      activesupport (= 4.0.7)
      bundler (>= 1.3.0, < 2.0)
      railties (= 4.0.7)
      sprockets-rails (~> 2.0)
    railties (4.0.7)
      actionpack (= 4.0.7)
      activesupport (= 4.0.7)
      rake (>= 0.8.7)
      thor (>= 0.18.1, < 2.0)
    rake (12.3.0)
    rb-fsevent (0.9.4)
    rb-inotify (0.9.3)
      ffi (>= 0.5.0)
    rdf (2.2.12)
      hamster (~> 3.0)
      link_header (~> 0.0, >= 0.0.8)
    rdf-aggregate-repo (2.2.0)
      rdf (~> 2.0)
    rdf-rdfa (2.2.1)
      haml (~> 4.0)
      htmlentities (~> 4.3)
      rdf (~> 2.2)
      rdf-aggregate-repo (~> 2.2)
      rdf-xsd (~> 2.1)
    rdf-xsd (2.2.0)
      rdf (~> 2.1)
    rspec (2.14.1)
      rspec-core (~> 2.14.0)
      rspec-expectations (~> 2.14.0)
      rspec-mocks (~> 2.14.0)
    rspec-core (2.14.8)
    rspec-expectations (2.14.5)
      diff-lcs (>= 1.1.3, < 2.0)
    rspec-mocks (2.14.6)
    rspec-rails (2.14.2)
      actionpack (>= 3.0)
      activemodel (>= 3.0)
      activesupport (>= 3.0)
      railties (>= 3.0)
      rspec-core (~> 2.14.0)
      rspec-expectations (~> 2.14.0)
      rspec-mocks (~> 2.14.0)
    ruby_parser (3.10.1)
      sexp_processor (~> 4.9)
    ruby_peter_v (0.0.13)
    rubyzip (1.2.1)
    sexp_processor (4.10.0)
    slop (3.5.0)
    sprockets (3.7.1)
      concurrent-ruby (~> 1.0)
      rack (> 1, < 3)
    sprockets-rails (2.3.3)
      actionpack (>= 3.0)
      activesupport (>= 3.0)
      sprockets (>= 2.8, < 4.0)
    terminal-notifier-guard (1.5.3)
    test-unit (3.2.6)
      power_assert
    thor (0.20.0)
    thread_safe (0.3.6)
    tilt (2.0.8)
    timers (1.1.0)
    treetop (1.4.15)
      polyglot
      polyglot (>= 0.3.1)
    tzinfo (0.3.53)
    xpath (2.0.0)
      nokogiri (~> 1.3)

PLATFORMS
  ruby

DEPENDENCIES
  capybara
  dbd_data_engine!
  guard-rspec
  haml-rails
  rake
  rspec-rails
  terminal-notifier-guard
  test-unit

BUNDLED WITH
   1.16.0
